PATH
  remote: .
  specs:
    ps-voodoo (0.0.7)
      commander (= 4.0.4)
      terminal-table (>= 1.4.2)

GEM
  remote: http://rubygems.org/
  specs:
    commander (4.0.4)
      highline (>= 1.5.0)
    highline (1.6.2)
    terminal-table (1.4.3)

PLATFORMS
  ruby
  x86-mingw32

DEPENDENCIES
  ps-voodoo!
