PATH
  remote: .
  specs:
    ps-voodoo (0.0.1)

GEM
  remote: http://rubygems.org/
  specs:

PLATFORMS
  x86-mingw32

DEPENDENCIES
  ps-voodoo!
